PATH
  remote: .
  specs:
    riemann-client (0.2.6)
      beefcake (>= 0.3.5, <= 1.0.0)
      mtrc (>= 0.0.4)
      trollop (>= 1.16.2)

GEM
  remote: https://rubygems.org/
  specs:
    bacon (1.2.0)
    beefcake (1.0.0)
    mtrc (0.0.4)
    rake (12.1.0)
    trollop (2.1.2)

PLATFORMS
  ruby

DEPENDENCIES
  bacon
  bundler (>= 1.3)
  rake
  riemann-client!

BUNDLED WITH
   1.15.4
